PATH
  remote: .
  specs:
    ruby-pardot (1.1.0)
      crack
      httparty

GEM
  remote: http://rubygems.org/
  specs:
    addressable (2.5.1)
      public_suffix (~> 2.0, >= 2.0.2)
    crack (0.4.2)
      safe_yaml (~> 1.0.0)
    diff-lcs (1.1.2)
    hashdiff (0.3.5)
    httparty (0.13.1)
      json (~> 1.8)
      multi_xml (>= 0.5.2)
    json (1.8.3)
    multi_xml (0.5.5)
    public_suffix (2.0.5)
    rspec (2.5.0)
      rspec-core (~> 2.5.0)
      rspec-expectations (~> 2.5.0)
      rspec-mocks (~> 2.5.0)
    rspec-core (2.5.1)
    rspec-expectations (2.5.0)
      diff-lcs (~> 1.1.2)
    rspec-mocks (2.5.0)
    safe_yaml (1.0.4)
    webmock (3.0.1)
      addressable (>= 2.3.6)
      crack (>= 0.3.2)
      hashdiff

PLATFORMS
  ruby

DEPENDENCIES
  bundler (>= 1.10)
  rspec
  ruby-pardot!
  webmock

BUNDLED WITH
   1.14.3
